PATH
  remote: .
  specs:
    news_reader_cli (0.1.0)
      dotenv

GEM
  remote: https://rubygems.org/
  specs:
    coderay (1.1.2)
    dotenv (2.5.0)
    gem-release (2.0.1)
    method_source (0.9.2)
    pry (0.12.2)
      coderay (~> 1.1.0)
      method_source (~> 0.9.0)
    rake (10.5.0)

PLATFORMS
  ruby

DEPENDENCIES
  bundler (~> 1.16)
  gem-release
  news_reader_cli!
  pry
  rake (~> 10.0)

BUNDLED WITH
   1.16.5
